GEM
  remote: http://rubygems.org/
  specs:
    activesupport (3.0.3)
    andand (1.3.1)
    email_veracity (0.5.0)
    i18n (0.5.0)
    json (1.4.6)
    mail (2.2.13)
      activesupport (>= 2.3.6)
      i18n (>= 0.4.0)
      mime-types (~> 1.16)
      treetop (~> 1.4.8)
    mime-types (1.16)
    pg (0.10.0)
    polyglot (0.3.1)
    rack (1.2.1)
    rack-flash (0.1.1)
      rack
    rack-openid (1.2.0)
      rack (>= 1.1.0)
      ruby-openid (>= 2.1.8)
    ruby-openid (2.1.8)
    sequel (3.18.0)
    sinatra (1.1.2)
      rack (~> 1.1)
      tilt (~> 1.2)
    sinatra-sequel (0.9.0)
      sequel (>= 3.2.0)
      sinatra (>= 0.9.4)
    tilt (1.2.1)
    treetop (1.4.9)
      polyglot (>= 0.3.1)
    tzinfo (0.3.23)

PLATFORMS
  ruby

DEPENDENCIES
  andand (= 1.3.1)
  email_veracity (= 0.5.0)
  i18n (= 0.5.0)
  json (= 1.4.6)
  mail (= 2.2.13)
  pg
  rack-flash (= 0.1.1)
  rack-openid (= 1.2.0)
  sequel (= 3.18.0)
  sinatra (= 1.1.2)
  sinatra-sequel (= 0.9.0)
  tzinfo (= 0.3.23)
