GEM
  remote: http://rubygems.org/
  specs:
    andand (1.3.1)
    email_veracity (0.6.0)
    i18n (0.5.0)
    json_pure (1.7.6)
    mail (2.5.3)
      i18n (>= 0.4.0)
      mime-types (~> 1.16)
      treetop (~> 1.4.8)
    mime-types (1.19)
    mysql (2.9.0)
    polyglot (0.3.3)
    rack (1.5.1)
    rack-flash3 (1.0.3)
      rack
      rack
    rack-openid (1.2.0)
      rack (>= 1.1.0)
      ruby-openid (>= 2.1.8)
    rack-protection (1.3.2)
      rack
    ruby-openid (2.2.2)
    sequel (3.43.0)
    sinatra (1.3.4)
      rack (~> 1.4)
      rack-protection (~> 1.3)
      tilt (~> 1.3, >= 1.3.3)
    sinatra-sequel (0.9.0)
      sequel (>= 3.2.0)
      sinatra (>= 0.9.4)
    tilt (1.3.3)
    treetop (1.4.12)
      polyglot
      polyglot (>= 0.3.1)
    tzinfo (0.3.35)

PLATFORMS
  ruby

DEPENDENCIES
  andand (= 1.3.1)
  email_veracity (= 0.6.0)
  i18n (= 0.5.0)
  json_pure (= 1.7.6)
  mail (= 2.5.3)
  mysql
  rack (= 1.5.1)
  rack-flash3 (= 1.0.3)
  rack-openid (= 1.2.0)
  sequel (= 3.43.0)
  sinatra (= 1.3.4)
  sinatra-sequel (= 0.9.0)
  tzinfo (= 0.3.35)
